GEM
  remote: http://rubygems.org/
  specs:
    bluecloth (2.2.0)
    diff-lcs (1.1.3)
    ffi (1.1.5)
    rake (0.9.2.2)
    rspec (2.11.0)
      rspec-core (~> 2.11.0)
      rspec-expectations (~> 2.11.0)
      rspec-mocks (~> 2.11.0)
    rspec-core (2.11.1)
    rspec-expectations (2.11.3)
      diff-lcs (~> 1.1.3)
    rspec-mocks (2.11.2)
    yard (0.7.5)

PLATFORMS
  ruby

DEPENDENCIES
  bluecloth (~> 2.2)
  ffi (~> 1.0)
  rake (~> 0.9.2)
  rspec (~> 2.11)
  yard (~> 0.7.2)
